GEM
  remote: https://rubygems.org/
  specs:
    dnsimple-ruby (1.4.1)
      httparty
    httparty (0.12.0)
      json (~> 1.8)
      multi_xml (>= 0.5.2)
    json (1.8.1)
    multi_xml (0.5.5)

PLATFORMS
  ruby

DEPENDENCIES
  dnsimple-ruby
